PATH
  remote: .
  specs:
    snowplow-emr-etl-runner (0.0.2)
      elasticity (~> 2.4)
      s3 (= 0.3.11)

GEM
  remote: https://rubygems.org/
  specs:
    builder (3.1.3)
    elasticity (2.4)
      fog
      nokogiri
      rest-client
    excon (0.16.2)
    fog (1.6.0)
      builder
      excon (~> 0.14)
      formatador (~> 0.2.0)
      mime-types
      multi_json (~> 1.0)
      net-scp (~> 1.0.4)
      net-ssh (>= 2.1.3)
      nokogiri (~> 1.5.0)
      ruby-hmac
    formatador (0.2.3)
    mime-types (1.19)
    multi_json (1.3.6)
    net-scp (1.0.4)
      net-ssh (>= 1.99.1)
    net-ssh (2.5.2)
    nokogiri (1.5.5)
    proxies (0.2.1)
    rest-client (1.6.7)
      mime-types (>= 1.16)
    ruby-hmac (0.4.0)
    s3 (0.3.11)
      proxies (~> 0.2.0)

PLATFORMS
  ruby

DEPENDENCIES
  snowplow-emr-etl-runner!
